GEM
  remote: https://rubygems.org/
  specs:
    chronic (0.10.2)
    whenever (0.10.0)
      chronic (>= 0.6.3)

PLATFORMS
  ruby

DEPENDENCIES
  whenever

BUNDLED WITH
   1.16.1
